GEM
  specs:
    anemone (0.7.2)
      nokogiri (>= 1.3.0)
      robotex (>= 1.0.0)
    builder (3.1.4)
    byebug (2.3.1)
      columnize (~> 0.3.6)
      debugger-linecache (~> 1.2.0)
    casperjs (1.0.0)
    columnize (0.3.6)
    cucumber (1.3.16)
      builder (>= 2.1.2)
      diff-lcs (>= 1.1.3)
      gherkin (~> 2.12)
      multi_json (>= 1.7.5, < 2.0)
      multi_test (>= 0.1.1)
    debugger-linecache (1.2.0)
    diff-lcs (1.2.5)
    gherkin (2.12.2)
      multi_json (~> 1.3)
    image_size (1.4.1)
    log4r (1.1.10)
    mini_portile (0.5.2)
    multi_json (1.10.1)
    multi_test (0.1.1)
    nokogiri (1.6.1)
      mini_portile (~> 0.5.0)
    parallel (1.3.3)
    rake (10.4.2)
    robotex (1.0.0)
    thor (0.19.1)
    wraith (2.3.0)
      anemone
      casperjs
      image_size
      log4r
      nokogiri
      parallel
      rake
      robotex
      thor

PLATFORMS
  ruby

DEPENDENCIES
  byebug
  cucumber
  wraith
